PATH
  remote: .
  specs:
    wordless (0.2.2)
      activesupport (~> 3.2.0)
      thor (~> 0.16.0)
      wordpress_tools (~> 0.0.1)

GEM
  remote: https://rubygems.org/
  specs:
    activesupport (3.2.8)
      i18n (~> 0.6)
      multi_json (~> 1.0)
    diff-lcs (1.1.3)
    fakeweb (1.3.0)
    i18n (0.6.1)
    multi_json (1.3.6)
    rspec (2.11.0)
      rspec-core (~> 2.11.0)
      rspec-expectations (~> 2.11.0)
      rspec-mocks (~> 2.11.0)
    rspec-core (2.11.1)
    rspec-expectations (2.11.3)
      diff-lcs (~> 1.1.3)
    rspec-mocks (2.11.3)
    thor (0.16.0)
    wordpress_tools (0.0.1)
      thor

PLATFORMS
  ruby

DEPENDENCIES
  fakeweb
  rspec (~> 2.11.0)
  wordless!
